GIT
  remote: git://github.com/cloudfoundry/common.git
  revision: b96ec1192d961925d91e17ca3831f8547489d918
  ref: b96ec1192d
  specs:
    vcap_logging (1.0.2)
      rake

GIT
  remote: git://github.com/cloudfoundry/vcap-common.git
  revision: 658be8a8f65388c0a182137245c2474b31198f00
  ref: 658be8a8f6
  specs:
    vcap_common (2.2.1)
      addressable (~> 2.2)
      em-http-request (~> 1.0)
      eventmachine
      httpclient
      membrane (~> 0.0.2)
      mime-types
      multipart-post
      nats (~> 0.4.24)
      posix-spawn (~> 0.3.6)
      squash_ruby
      steno
      thin
      vmstat (~> 2.0)
      yajl-ruby

GIT
  remote: git://github.com/cloudfoundry/vcap-services-base.git
  revision: 17599348ae443b9a8b136681dca6a9056cd796e2
  ref: 17599348ae
  specs:
    vcap_services_base (0.1.17)
      cf-uaa-lib
      curb (~> 0.7.16)
      data_mapper (~> 1.2)
      do_sqlite3
      em-http-request (~> 1.0)
      eventmachine (~> 1.0)
      eventmachine_httpserver (~> 0.2.1)
      json
      nats (>= 0.4.22.beta.8, < 0.4.28)
      resque (~> 1.20)
      resque-status
      ruby-hmac (~> 0.4.0)
      rubyzip (~> 0.9.8)
      sinatra (>= 1.2.3)
      thin (>= 1.3.1)
      vcap_common (>= 2.1.0)
      vcap_logging (>= 1.0.2)
      warden-client
      warden-protocol

GIT
  remote: git://github.com/cloudfoundry/warden.git
  revision: fe6cb5130388fd3117de9b16e830d45844cf05c9
  ref: fe6cb51
  specs:
    warden-client (0.0.7)
      warden-protocol
    warden-protocol (0.0.9)
      beefcake

GEM
  remote: http://rubygems.org/
  specs:
    activesupport (3.2.14)
      i18n (~> 0.6, >= 0.6.4)
      multi_json (~> 1.0)
    addressable (2.3.5)
    backports (3.3.3)
    bcrypt-ruby (3.1.2)
    beefcake (0.3.7)
    builder (3.0.0)
    cf-uaa-lib (2.0.0)
      multi_json
    ci_reporter (1.7.0)
      builder (>= 2.1.2)
    cookiejar (0.3.0)
    curb (0.7.18)
    daemons (1.1.9)
    dalli (2.0.5)
    data_mapper (1.2.0)
      dm-aggregates (~> 1.2.0)
      dm-constraints (~> 1.2.0)
      dm-core (~> 1.2.0)
      dm-migrations (~> 1.2.0)
      dm-serializer (~> 1.2.0)
      dm-timestamps (~> 1.2.0)
      dm-transactions (~> 1.2.0)
      dm-types (~> 1.2.0)
      dm-validations (~> 1.2.0)
    data_objects (0.10.13)
      addressable (~> 2.1)
    datamapper (1.2.0)
      dm-aggregates (~> 1.2.0)
      dm-constraints (~> 1.2.0)
      dm-core (~> 1.2.0)
      dm-migrations (~> 1.2.0)
      dm-serializer (~> 1.2.0)
      dm-timestamps (~> 1.2.0)
      dm-transactions (~> 1.2.0)
      dm-types (~> 1.2.0)
      dm-validations (~> 1.2.0)
    descendants_tracker (0.0.1)
    diff-lcs (1.1.3)
    dm-aggregates (1.2.0)
      dm-core (~> 1.2.0)
    dm-constraints (1.2.0)
      dm-core (~> 1.2.0)
    dm-core (1.2.1)
      addressable (~> 2.3)
    dm-do-adapter (1.2.0)
      data_objects (~> 0.10.6)
      dm-core (~> 1.2.0)
    dm-migrations (1.2.0)
      dm-core (~> 1.2.0)
    dm-serializer (1.2.2)
      dm-core (~> 1.2.0)
      fastercsv (~> 1.5)
      json (~> 1.6)
      json_pure (~> 1.6)
      multi_json (~> 1.0)
    dm-sqlite-adapter (1.2.0)
      dm-do-adapter (~> 1.2.0)
      do_sqlite3 (~> 0.10.6)
    dm-timestamps (1.2.0)
      dm-core (~> 1.2.0)
    dm-transactions (1.2.0)
      dm-core (~> 1.2.0)
    dm-types (1.2.2)
      bcrypt-ruby (~> 3.0)
      dm-core (~> 1.2.0)
      fastercsv (~> 1.5)
      json (~> 1.6)
      multi_json (~> 1.0)
      stringex (~> 1.4)
      uuidtools (~> 2.1)
    dm-validations (1.2.0)
      dm-core (~> 1.2.0)
    do_sqlite3 (0.10.13)
      data_objects (= 0.10.13)
    em-http-request (1.1.0)
      addressable (>= 2.3.4)
      cookiejar
      em-socksify (>= 0.3)
      eventmachine (>= 1.0.3)
      http_parser.rb (>= 0.6.0.beta.2)
    em-socksify (0.3.0)
      eventmachine (>= 1.0.0.beta.4)
    eventmachine (1.0.3)
    eventmachine_httpserver (0.2.1)
    fastercsv (1.5.5)
    fluent-logger (0.4.6)
      msgpack (>= 0.4.4, < 0.6.0, != 0.5.3, != 0.5.2, != 0.5.1, != 0.5.0)
      yajl-ruby (~> 1.0)
    grape (0.5.0)
      activesupport
      builder
      hashie (>= 1.2.0)
      multi_json (>= 1.3.2)
      multi_xml (>= 0.5.2)
      rack (>= 1.3.0)
      rack-accept
      rack-mount
      virtus
    hashie (2.0.5)
    http_parser.rb (0.6.0.beta.2)
    httpclient (2.3.4.1)
    i18n (0.6.5)
    json (1.8.0)
    json_pure (1.8.0)
    membrane (0.0.2)
    mime-types (1.24)
    mono_logger (1.1.0)
    msgpack (0.5.5)
    multi_json (1.7.9)
    multi_xml (0.5.5)
    multipart-post (1.2.0)
    nats (0.4.26)
      daemons (>= 1.1.5)
      eventmachine (>= 0.12.10)
      json_pure (>= 1.7.3)
      thin (>= 1.4.1)
    posix-spawn (0.3.6)
    rack (1.5.2)
    rack-accept (0.4.5)
      rack (>= 0.4)
    rack-mount (0.8.3)
      rack (>= 1.0.0)
    rake (0.9.2.2)
    redis (3.0.4)
    redis-namespace (1.3.1)
      redis (~> 3.0.0)
    resque (1.24.1)
      mono_logger (~> 1.0)
      multi_json (~> 1.0)
      redis-namespace (~> 1.2)
      sinatra (>= 0.9.2)
      vegas (~> 0.1.2)
    resque-status (0.4.1)
      resque (~> 1.19)
    rspec (2.10.0)
      rspec-core (~> 2.10.0)
      rspec-expectations (~> 2.10.0)
      rspec-mocks (~> 2.10.0)
    rspec-core (2.10.1)
    rspec-expectations (2.10.0)
      diff-lcs (~> 1.1.3)
    rspec-mocks (2.10.1)
    ruby-hmac (0.4.0)
    rubyzip (0.9.9)
    simplecov (0.6.4)
      multi_json (~> 1.0)
      simplecov-html (~> 0.5.3)
    simplecov-html (0.5.3)
    simplecov-rcov (0.2.3)
      simplecov (>= 0.4.1)
    sinatra (1.2.8)
      rack (~> 1.1)
      tilt (>= 1.2.2, < 2.0)
    squash_ruby (1.2.0)
      json
    steno (1.1.0)
      fluent-logger
      grape
      yajl-ruby (~> 1.0)
    stringex (1.5.1)
    thin (1.5.1)
      daemons (>= 1.0.9)
      eventmachine (>= 0.12.6)
      rack (>= 1.0.0)
    tilt (1.3.3)
    uuidtools (2.1.4)
    vegas (0.1.11)
      rack (>= 1.0.0)
    virtus (0.5.5)
      backports (~> 3.3)
      descendants_tracker (~> 0.0.1)
    vmstat (2.0.0)
    yajl-ruby (1.1.0)

PLATFORMS
  ruby

DEPENDENCIES
  activesupport (~> 3.2)
  ci_reporter
  dalli
  datamapper (>= 0.10.2)
  dm-sqlite-adapter
  em-http-request
  eventmachine
  rake
  rspec
  ruby-hmac
  simplecov
  simplecov-rcov
  sinatra
  thin
  uuidtools
  vcap_common!
  vcap_logging!
  vcap_services_base!
  warden-client!
  warden-protocol!
